GEM
  remote: http://rubygems.org/
  specs:
    nokogiri (1.5.5)
    taglib-ruby (0.5.1)

PLATFORMS
  ruby

DEPENDENCIES
  nokogiri
  taglib-ruby
